PATH
  remote: .
  specs:
    gemical (0.0.3)
      commander
      multi_json
      rest-client

GEM
  remote: http://rubygems.org/
  specs:
    addressable (2.2.6)
    commander (4.0.6)
      highline (~> 1.5.0)
    crack (0.3.1)
    diff-lcs (1.1.3)
    highline (1.5.2)
    mime-types (1.17.2)
    multi_json (1.0.4)
    rake (0.9.2.2)
    rest-client (1.6.7)
      mime-types (>= 1.16)
    rspec (2.7.0)
      rspec-core (~> 2.7.0)
      rspec-expectations (~> 2.7.0)
      rspec-mocks (~> 2.7.0)
    rspec-core (2.7.1)
    rspec-expectations (2.7.0)
      diff-lcs (~> 1.1.2)
    rspec-mocks (2.7.0)
    webmock (1.7.8)
      addressable (~> 2.2, > 2.2.5)
      crack (>= 0.1.7)

PLATFORMS
  java
  ruby

DEPENDENCIES
  gemical!
  rake
  rspec
  webmock
